PATH
  remote: .
  specs:
    wamp (0.0.0)
      thor (~> 0.16.0)

GEM
  remote: http://rubygems.org/
  specs:
    ZenTest (4.8.3)
    diff-lcs (1.1.3)
    rake (10.0.2)
    rspec (2.12.0)
      rspec-core (~> 2.12.0)
      rspec-expectations (~> 2.12.0)
      rspec-mocks (~> 2.12.0)
    rspec-core (2.12.1)
    rspec-expectations (2.12.0)
      diff-lcs (~> 1.1.3)
    rspec-mocks (2.12.0)
    thor (0.16.0)

PLATFORMS
  ruby

DEPENDENCIES
  ZenTest (>= 4.8.2)
  rake (>= 0.9.2)
  rspec (>= 2.11.0)
  wamp!
